GEM
  remote: https://rubygems.org/
  specs:
    nokogiri (1.11.2-x86_64-linux)
      racc (~> 1.4)
    racc (1.5.2)
    uri (0.10.1)

PLATFORMS
  x86_64-linux

DEPENDENCIES
  nokogiri (~> 1.11)
  uri (~> 0.10.1)

BUNDLED WITH
   2.2.7
